GEM
  remote: http://rubygems.org/
  specs:
    rack (1.6.0)

PLATFORMS
  x86-mingw32

DEPENDENCIES
  rack (~> 1.6.0)
