GEM
  remote: https://rubygems.org/
  specs:
    newrelic_rpm (3.9.6.257)
    rack (1.5.2)

PLATFORMS
  x86-mingw32

DEPENDENCIES
  newrelic_rpm
  rack
